GEM
  remote: https://rubygems.org/
  specs:
    arr-pm (0.0.7)
      cabin (> 0)
    backports (2.6.2)
    cabin (0.6.0)
    clamp (0.3.1)
    evoker (0.0.11)
      rake (>= 0.9.2)
    fpm (0.4.29)
      arr-pm (~> 0.0.7)
      backports (= 2.6.2)
      cabin (>= 0.6.0)
      clamp (= 0.3.1)
      json (= 1.6.6)
      open4
    json (1.6.6)
    open4 (1.3.0)
    rake (10.0.3)

PLATFORMS
  ruby

DEPENDENCIES
  evoker
  fpm
  rake
